GEM
  remote: https://rubygems.org/
  specs:
    chatwork (0.8.0)
      faraday (~> 0.9)
      faraday_middleware
      hashie
    dotenv (2.4.0)
    faraday (0.15.2)
      multipart-post (>= 1.2, < 3)
    faraday_middleware (0.12.2)
      faraday (>= 0.7.4, < 1.0)
    hashie (3.5.7)
    multipart-post (2.0.0)

PLATFORMS
  ruby

DEPENDENCIES
  chatwork
  dotenv

BUNDLED WITH
   1.16.0
